GIT
  remote: https://github.com/envygeeks/jekyll-assets.git
  revision: 056d2c88719ef3b1f90967a606dd1441581dd832
  branch: master
  specs:
    jekyll-assets (4.0.0.alpha)
      activesupport (>= 5, < 7)
      execjs (~> 2.7)
      extras (~> 0.2)
      fastimage (~> 2.0, >= 1.8)
      jekyll (>= 3.5, < 5.0)
      jekyll-sanity (~> 1.2)
      liquid-tag-parser (>= 1, < 3)
      nokogiri (~> 1.10)
      pathutil (~> 0.16)
      sassc (>= 1.11, < 3.0)
      sprockets (~> 4.0.beta7)

GEM
  remote: https://rubygems.org/
  specs:
    activesupport (6.1.7.8)
      concurrent-ruby (~> 1.0, >= 1.0.2)
      i18n (>= 1.6, < 2)
      minitest (>= 5.1)
      tzinfo (~> 2.0)
      zeitwerk (~> 2.3)
    addressable (2.8.7)
      public_suffix (>= 2.0.2, < 7.0)
    bibtex-ruby (6.1.0)
      latex-decode (~> 0.0)
      racc (~> 1.7)
    bigdecimal (3.1.8)
    citeproc (1.0.10)
      namae (~> 1.0)
    citeproc-ruby (1.1.14)
      citeproc (~> 1.0, >= 1.0.9)
      csl (~> 1.6)
    colorator (1.1.0)
    concurrent-ruby (1.3.3)
    csl (1.6.0)
      namae (~> 1.0)
      rexml
    csl-styles (1.0.1.11)
      csl (~> 1.0)
    em-websocket (0.5.3)
      eventmachine (>= 0.12.9)
      http_parser.rb (~> 0)
    eventmachine (1.2.7)
    execjs (2.9.1)
    extras (0.3.0)
      forwardable-extended (~> 2.5)
    fastimage (2.3.1)
    ffi (1.17.0)
    ffi (1.17.0-aarch64-linux-gnu)
    ffi (1.17.0-x86_64-darwin)
    forwardable-extended (2.6.0)
    google-protobuf (4.27.5)
      bigdecimal
      rake (>= 13)
    google-protobuf (4.27.5-aarch64-linux)
      bigdecimal
      rake (>= 13)
    google-protobuf (4.27.5-x86_64-darwin)
      bigdecimal
      rake (>= 13)
    http_parser.rb (0.8.0)
    i18n (1.14.5)
      concurrent-ruby (~> 1.0)
    jekyll (4.3.3)
      addressable (~> 2.4)
      colorator (~> 1.0)
      em-websocket (~> 0.5)
      i18n (~> 1.0)
      jekyll-sass-converter (>= 2.0, < 4.0)
      jekyll-watch (~> 2.0)
      kramdown (~> 2.3, >= 2.3.1)
      kramdown-parser-gfm (~> 1.0)
      liquid (~> 4.0)
      mercenary (>= 0.3.6, < 0.5)
      pathutil (~> 0.9)
      rouge (>= 3.0, < 5.0)
      safe_yaml (~> 1.0)
      terminal-table (>= 1.8, < 4.0)
      webrick (~> 1.7)
    jekyll-environment-variables (1.0.1)
      jekyll (>= 3.0, < 5.x)
    jekyll-paginate (1.1.0)
    jekyll-sanity (1.6.0)
      jekyll (>= 3.1, < 5.0)
      pathutil (~> 0.16)
    jekyll-sass-converter (3.0.0)
      sass-embedded (~> 1.54)
    jekyll-scholar (7.1.3)
      bibtex-ruby (~> 6.0)
      citeproc-ruby (~> 1.0)
      csl-styles (~> 1.0)
      jekyll (~> 4.0)
    jekyll-watch (2.2.1)
      listen (~> 3.0)
    kramdown (2.4.0)
      rexml
    kramdown-parser-gfm (1.1.0)
      kramdown (~> 2.0)
    latex-decode (0.4.0)
    liquid (4.0.4)
    liquid-tag-parser (2.0.2)
      extras (~> 0.3)
      liquid (>= 3.0, < 5.0)
    listen (3.9.0)
      rb-fsevent (~> 0.10, >= 0.10.3)
      rb-inotify (~> 0.9, >= 0.9.10)
    mercenary (0.4.0)
    mini_portile2 (2.8.7)
    minitest (5.24.1)
    namae (1.2.0)
      racc (~> 1.7)
    nokogiri (1.16.6)
      mini_portile2 (~> 2.8.2)
      racc (~> 1.4)
    nokogiri (1.16.6-aarch64-linux)
      racc (~> 1.4)
    nokogiri (1.16.6-x86_64-darwin)
      racc (~> 1.4)
    pathutil (0.16.2)
      forwardable-extended (~> 2.6)
    public_suffix (6.0.0)
    racc (1.8.0)
    rack (3.1.6)
    rake (13.2.1)
    rb-fsevent (0.11.2)
    rb-inotify (0.11.1)
      ffi (~> 1.0)
    rexml (3.3.9)
    rouge (4.3.0)
    safe_yaml (1.0.5)
    sass-embedded (1.77.5)
      google-protobuf (>= 3.25, < 5.0)
      rake (>= 13)
    sass-embedded (1.77.5-aarch64-linux-gnu)
      google-protobuf (>= 3.25, < 5.0)
    sass-embedded (1.77.5-x86_64-darwin)
      google-protobuf (>= 3.25, < 5.0)
    sassc (2.4.0)
      ffi (~> 1.9)
    sprockets (4.2.1)
      concurrent-ruby (~> 1.0)
      rack (>= 2.2.4, < 4)
    terminal-table (3.0.2)
      unicode-display_width (>= 1.1.1, < 3)
    tzinfo (2.0.6)
      concurrent-ruby (~> 1.0)
    unicode-display_width (2.5.0)
    webrick (1.8.2)
    zeitwerk (2.6.16)

PLATFORMS
  aarch64-linux
  ruby
  x86_64-darwin-20
  x86_64-darwin-22

DEPENDENCIES
  jekyll (~> 4.2)
  jekyll-assets!
  jekyll-environment-variables
  jekyll-paginate
  jekyll-scholar
  liquid-tag-parser
  webrick (~> 1.8)

BUNDLED WITH
   2.3.11
