GIT
  remote: git://github.com/torbjoernk/jekyll-git_metadata.git
  revision: 61f9b2c0bd2ddcabc9274f28d4aa781cb67b2f6f
  tag: v0.0.5-torbjoernk
  specs:
    jekyll-git_metadata (0.0.5.pre.torbjoernk)
      jekyll (~> 3.0)

GIT
  remote: git://github.com/torbjoernk/jekyll-toc.git
  revision: 8e0ba0157f1984f5e5a7d358550b10c8b753febe
  branch: feature/separate-filters
  specs:
    jekyll-toc (0.1.0)
      nokogiri (~> 1.6)

GEM
  remote: https://rubygems.org/
  specs:
    addressable (2.4.0)
    autoprefixer-rails (6.5.0.1)
      execjs
    bibtex-ruby (4.4.2)
      latex-decode (~> 0.0)
    citeproc (1.0.4)
      namae (~> 0.8)
    citeproc-ruby (1.1.4)
      citeproc (>= 1.0.4, < 2.0)
      csl (~> 1.4)
    coffee-script (2.4.1)
      coffee-script-source
      execjs
    coffee-script-source (1.10.0)
    colorator (1.1.0)
    concurrent-ruby (1.0.2)
    csl (1.4.5)
      namae (~> 0.7)
    csl-styles (1.0.1.7)
      csl (~> 1.0)
    execjs (2.7.0)
    extras (0.1.0)
      forwardable-extended (~> 2.5)
    fastimage (2.0.0)
      addressable (~> 2)
    ffi (1.9.14)
    font-awesome-sass (4.6.2)
      sass (>= 3.2)
    forwardable-extended (2.6.0)
    jekyll (3.2.1)
      colorator (~> 1.0)
      jekyll-sass-converter (~> 1.0)
      jekyll-watch (~> 1.1)
      kramdown (~> 1.3)
      liquid (~> 3.0)
      mercenary (~> 0.3.3)
      pathutil (~> 0.9)
      rouge (~> 1.7)
      safe_yaml (~> 1.0)
    jekyll-assets (2.2.8)
      extras (~> 0.1)
      fastimage (~> 2.0, >= 1.8)
      jekyll (~> 3.1, >= 3.0)
      pathutil (>= 0.8)
      rack (> 1, < 2)
      sprockets (~> 3.3, < 3.7)
    jekyll-email-protect (1.0.3)
    jekyll-feed (0.7.1)
    jekyll-paginate (1.1.0)
    jekyll-sass-converter (1.4.0)
      sass (~> 3.4)
    jekyll-scholar (5.8.4)
      bibtex-ruby (~> 4.0, >= 4.0.13)
      citeproc-ruby (~> 1.0)
      csl-styles (~> 1.0)
      jekyll (~> 3.0)
    jekyll-sitemap (0.11.0)
      addressable (~> 2.4.0)
    jekyll-watch (1.5.0)
      listen (~> 3.0, < 3.1)
    jgd (1.7.1)
      jekyll (>= 1.5.1)
      trollop (= 2.1.2)
    kramdown (1.12.0)
    latex-decode (0.2.2)
      unicode (~> 0.4)
    libv8 (3.16.14.15)
    liquid (3.0.6)
    listen (3.0.8)
      rb-fsevent (~> 0.9, >= 0.9.4)
      rb-inotify (~> 0.9, >= 0.9.7)
    mercenary (0.3.6)
    mini_magick (4.5.1)
    mini_portile2 (2.1.0)
    namae (0.11.0)
    nokogiri (1.6.8)
      mini_portile2 (~> 2.1.0)
      pkg-config (~> 1.1.7)
    pathutil (0.14.0)
      forwardable-extended (~> 2.6)
    pkg-config (1.1.7)
    rack (1.6.4)
    rb-fsevent (0.9.7)
    rb-inotify (0.9.7)
      ffi (>= 0.5.0)
    ref (2.0.0)
    rouge (1.11.1)
    safe_yaml (1.0.4)
    sass (3.4.22)
    sprockets (3.6.3)
      concurrent-ruby (~> 1.0)
      rack (> 1, < 3)
    therubyracer (0.12.2)
      libv8 (~> 3.16.14.0)
      ref
    trollop (2.1.2)
    uglifier (3.0.2)
      execjs (>= 0.3.0, < 3)
    unicode (0.4.4.2)

PLATFORMS
  ruby

DEPENDENCIES
  autoprefixer-rails
  coffee-script
  font-awesome-sass (>= 4.5.0)
  jekyll (>= 3.0)
  jekyll-assets
  jekyll-email-protect
  jekyll-feed
  jekyll-git_metadata!
  jekyll-paginate
  jekyll-scholar
  jekyll-sitemap
  jekyll-toc!
  jekyll-watch
  jgd
  mini_magick
  sass
  uglifier

RUBY VERSION
   ruby 2.2.1p85

BUNDLED WITH
   1.13.1
